GEM
  remote: https://rubygems.org/
  specs:
    backports (3.24.1)
    diff-lcs (1.5.0)
    multi_json (1.15.0)
    pg (1.5.3)
    rack (1.6.13)
    rack-protection (1.5.5)
      rack
    rack-test (2.1.0)
      rack (>= 1.3)
    rspec (3.12.0)
      rspec-core (~> 3.12.0)
      rspec-expectations (~> 3.12.0)
      rspec-mocks (~> 3.12.0)
    rspec-core (3.12.2)
      rspec-support (~> 3.12.0)
    rspec-expectations (3.12.3)
      diff-lcs (>= 1.2.0, < 2.0)
      rspec-support (~> 3.12.0)
    rspec-mocks (3.12.5)
      diff-lcs (>= 1.2.0, < 2.0)
      rspec-support (~> 3.12.0)
    rspec-support (3.12.0)
    sinatra (1.4.8)
      rack (~> 1.5)
      rack-protection (~> 1.4)
      tilt (>= 1.3, < 3)
    sinatra-contrib (1.4.7)
      backports (>= 2.0)
      multi_json
      rack-protection
      rack-test
      sinatra (~> 1.4.0)
      tilt (>= 1.3, < 3)
    tilt (2.1.0)
    webrick (1.8.1)

PLATFORMS
  arm64-darwin-22

DEPENDENCIES
  pg (~> 1.5)
  rack-test (~> 2.1)
  rspec (~> 3.12)
  sinatra (~> 1.0)
  sinatra-contrib (~> 1.4)
  webrick (~> 1.8)

BUNDLED WITH
   2.4.12
